PATH
  remote: .
  specs:
    bugwatch (0.1)
      grit (= 2.5.0)
      ruby_parser (~> 3.0.1)
      rugged (= 0.16.2)

GEM
  remote: http://rubygems.org/
  specs:
    builder (2.1.2)
    cucumber (1.1.4)
      builder (>= 2.1.2)
      diff-lcs (>= 1.1.2)
      gherkin (~> 2.7.1)
      json (>= 1.4.6)
      term-ansicolor (>= 1.0.6)
    diff-lcs (1.1.3)
    gherkin (2.7.1)
      json (>= 1.4.6)
    grit (2.5.0)
      diff-lcs (~> 1.1)
      mime-types (~> 1.15)
      posix-spawn (~> 0.3.6)
    json (1.6.1)
    metaclass (0.0.1)
    mime-types (1.20.1)
    mocha (0.10.1)
      metaclass (~> 0.0.1)
    posix-spawn (0.3.6)
    ruby_parser (3.0.4)
      sexp_processor (~> 4.1)
    rugged (0.16.2)
    sexp_processor (4.1.4)
    term-ansicolor (1.0.7)
    test-unit (2.4.3)

PLATFORMS
  ruby

DEPENDENCIES
  bugwatch!
  cucumber
  mocha
  test-unit
